PATH
  remote: ../
  specs:
    vkontakte (1.1.3)

GEM
  remote: http://rubygems.org/
  specs:

PLATFORMS
  ruby

DEPENDENCIES
  vkontakte!
